PATH
  remote: .
  specs:
    focuslight (0.1.4)
      dotenv
      erubis
      foreman
      librrd
      mysql2
      rrd-ffi
      sequel
      sinatra
      sinatra-contrib
      sqlite3
      thor
      unicorn
      unicorn-worker-killer

GEM
  remote: https://rubygems.org/
  specs:
    activesupport (4.2.6)
      i18n (~> 0.7)
      json (~> 1.7, >= 1.7.7)
      minitest (~> 5.1)
      thread_safe (~> 0.3, >= 0.3.4)
      tzinfo (~> 1.1)
    addressable (2.4.0)
    backports (3.6.8)
    coderay (1.1.2)
    diff-lcs (1.2.5)
    dotenv (2.1.0)
    erubis (2.7.0)
    faraday (0.9.2)
      multipart-post (>= 1.2, < 3)
    ffi (1.9.10)
    foreman (0.85.0)
      thor (~> 0.19.1)
    get_process_mem (0.2.0)
    hub (1.12.4)
    i18n (0.7.0)
    json (1.8.6)
    kgio (2.11.2)
    librrd (1.0.4)
    method_source (0.9.2)
    minitest (5.8.4)
    multi_json (1.11.2)
    multipart-post (2.0.0)
    mysql2 (0.5.2)
    octokit (4.3.0)
      sawyer (~> 0.7.0, >= 0.5.3)
    octorelease (0.0.6)
      hub
      octokit
    pry (0.12.2)
      coderay (~> 1.1.0)
      method_source (~> 0.9.0)
    pry-nav (0.3.0)
      pry (>= 0.9.10, < 0.13.0)
    rack (1.6.11)
    rack-protection (1.5.5)
      rack
    rack-test (0.6.3)
      rack (>= 1.0)
    raindrops (0.19.0)
    rake (11.1.1)
    rrd-ffi (0.2.14)
      activesupport
      ffi
    rspec (3.4.0)
      rspec-core (~> 3.4.0)
      rspec-expectations (~> 3.4.0)
      rspec-mocks (~> 3.4.0)
    rspec-core (3.4.4)
      rspec-support (~> 3.4.0)
    rspec-expectations (3.4.0)
      diff-lcs (>= 1.2.0, < 2.0)
      rspec-support (~> 3.4.0)
    rspec-mocks (3.4.1)
      diff-lcs (>= 1.2.0, < 2.0)
      rspec-support (~> 3.4.0)
    rspec-support (3.4.1)
    sawyer (0.7.0)
      addressable (>= 2.3.5, < 2.5)
      faraday (~> 0.8, < 0.10)
    sequel (5.19.0)
    sinatra (1.4.8)
      rack (~> 1.5)
      rack-protection (~> 1.4)
      tilt (>= 1.3, < 3)
    sinatra-contrib (1.4.6)
      backports (>= 2.0)
      multi_json
      rack-protection
      rack-test
      sinatra (~> 1.4.0)
      tilt (>= 1.3, < 3)
    sqlite3 (1.4.0)
    thor (0.19.4)
    thread_safe (0.3.5)
    tilt (2.0.9)
    tzinfo (1.2.2)
      thread_safe (~> 0.1)
    unicorn (5.5.0)
      kgio (~> 2.6)
      raindrops (~> 0.7)
    unicorn-worker-killer (0.4.4)
      get_process_mem (~> 0)
      unicorn (>= 4, < 6)

PLATFORMS
  ruby

DEPENDENCIES
  bundler (~> 1.3)
  focuslight!
  octorelease
  pry
  pry-nav
  rake
  rspec

BUNDLED WITH
   1.17.3
