PATH
  remote: .
  specs:
    focuslight (0.2.3)
      dotenv
      erubi
      foreman
      librrd
      mysql2
      rrd-ffi
      sequel
      sinatra
      sinatra-contrib
      sqlite3
      thor
      unicorn
      unicorn-worker-killer

GEM
  remote: https://rubygems.org/
  specs:
    activesupport (5.2.3)
      concurrent-ruby (~> 1.0, >= 1.0.2)
      i18n (>= 0.7, < 2)
      minitest (~> 5.1)
      tzinfo (~> 1.1)
    addressable (2.5.2)
      public_suffix (>= 2.0.2, < 4.0)
    backports (3.15.0)
    coderay (1.1.2)
    concurrent-ruby (1.1.5)
    diff-lcs (1.3)
    dotenv (2.7.2)
    erubi (1.8.0)
    faraday (0.15.4)
      multipart-post (>= 1.2, < 3)
    ffi (1.11.1)
    foreman (0.85.0)
      thor (~> 0.19.1)
    get_process_mem (0.2.3)
    hub (1.12.4)
    i18n (1.6.0)
      concurrent-ruby (~> 1.0)
    kgio (2.11.2)
    librrd (1.0.4)
    method_source (0.9.2)
    minitest (5.11.3)
    multi_json (1.13.1)
    multipart-post (2.0.0)
    mustermann (1.0.3)
    mysql2 (0.5.2)
    octokit (4.14.0)
      sawyer (~> 0.8.0, >= 0.5.3)
    octorelease (0.0.6)
      hub
      octokit
    pry (0.12.2)
      coderay (~> 1.1.0)
      method_source (~> 0.9.0)
    pry-nav (0.3.0)
      pry (>= 0.9.10, < 0.13.0)
    public_suffix (3.0.3)
    rack (2.0.7)
    rack-protection (2.0.5)
      rack
    raindrops (0.19.0)
    rake (13.0.1)
    rrd-ffi (0.2.14)
      activesupport
      ffi
    rspec (3.8.0)
      rspec-core (~> 3.8.0)
      rspec-expectations (~> 3.8.0)
      rspec-mocks (~> 3.8.0)
    rspec-core (3.8.0)
      rspec-support (~> 3.8.0)
    rspec-expectations (3.8.2)
      diff-lcs (>= 1.2.0, < 2.0)
      rspec-support (~> 3.8.0)
    rspec-mocks (3.8.0)
      diff-lcs (>= 1.2.0, < 2.0)
      rspec-support (~> 3.8.0)
    rspec-support (3.8.0)
    sawyer (0.8.1)
      addressable (>= 2.3.5, < 2.6)
      faraday (~> 0.8, < 1.0)
    sequel (5.20.0)
    sinatra (2.0.5)
      mustermann (~> 1.0)
      rack (~> 2.0)
      rack-protection (= 2.0.5)
      tilt (~> 2.0)
    sinatra-contrib (2.0.5)
      backports (>= 2.8.2)
      multi_json
      mustermann (~> 1.0)
      rack-protection (= 2.0.5)
      sinatra (= 2.0.5)
      tilt (>= 1.3, < 3)
    sqlite3 (1.4.1)
    thor (0.19.4)
    thread_safe (0.3.6)
    tilt (2.0.9)
    tzinfo (1.2.5)
      thread_safe (~> 0.1)
    unicorn (5.5.1)
      kgio (~> 2.6)
      raindrops (~> 0.7)
    unicorn-worker-killer (0.4.4)
      get_process_mem (~> 0)
      unicorn (>= 4, < 6)

PLATFORMS
  ruby

DEPENDENCIES
  bundler (~> 1.3)
  focuslight!
  octorelease
  pry
  pry-nav
  rake
  rspec

BUNDLED WITH
   1.17.3
